GIT
  remote: https://github.com/tanaken0515/red-chainer
  revision: 7234ea10f9b2e0e316e8148f866395e5b01ecf54
  branch: sub-dataset-class
  specs:
    red-chainer (0.4.1)
      numo-narray (>= 0.9.1.1)
      red-datasets (>= 0.0.6)

GEM
  remote: https://rubygems.org/
  specs:
    csv (3.1.2)
    ffi (1.11.2)
    natto (1.1.2)
      ffi (>= 1.9.0)
    numo-narray (0.9.1.5)
    red-datasets (0.0.9)
      csv (>= 3.0.5)
      rubyzip
    rubyzip (2.0.0)

PLATFORMS
  ruby

DEPENDENCIES
  natto (~> 1.1, >= 1.1.2)
  red-chainer!

BUNDLED WITH
   2.0.2
