GIT
  remote: https://github.com/tanaken0515/red-chainer
  revision: 5e41c9528da3175e9632f3b9817032e031dba445
  branch: kagoshima-rubykaigi-01
  specs:
    red-chainer (0.4.1)
      numo-narray (>= 0.9.1.1)
      red-datasets (>= 0.0.6)

GEM
  remote: https://rubygems.org/
  specs:
    csv (3.1.2)
    diff-lcs (1.3)
    ffi (1.11.2)
    natto (1.1.2)
      ffi (>= 1.9.0)
    numo-narray (0.9.1.5)
    red-datasets (0.0.9)
      csv (>= 3.0.5)
      rubyzip
    rspec (3.9.0)
      rspec-core (~> 3.9.0)
      rspec-expectations (~> 3.9.0)
      rspec-mocks (~> 3.9.0)
    rspec-core (3.9.0)
      rspec-support (~> 3.9.0)
    rspec-expectations (3.9.0)
      diff-lcs (>= 1.2.0, < 2.0)
      rspec-support (~> 3.9.0)
    rspec-mocks (3.9.0)
      diff-lcs (>= 1.2.0, < 2.0)
      rspec-support (~> 3.9.0)
    rspec-support (3.9.0)
    rubyzip (2.0.0)

PLATFORMS
  ruby

DEPENDENCIES
  natto (~> 1.1, >= 1.1.2)
  red-chainer!
  rspec (~> 3.4)

BUNDLED WITH
   2.0.2
