GEM
  remote: https://rubygems.org/
  specs:
    csv (3.1.2)
    numo-narray (0.9.1.5)
    red-chainer (0.4.1)
      numo-narray (>= 0.9.1.1)
      red-datasets (>= 0.0.6)
    red-datasets (0.0.9)
      csv (>= 3.0.5)
      rubyzip
    rubyzip (2.0.0)

PLATFORMS
  ruby

DEPENDENCIES
  red-chainer (~> 0.4.1)

BUNDLED WITH
   2.0.2
